GEM
  remote: https://rubygems.org/
  specs:
    antlr3 (1.8.12)

PLATFORMS
  ruby

DEPENDENCIES
  antlr3 (~> 1.8.12)
